GEM
  remote: https://rubygems.org/
  specs:
    diff-lcs (1.2.1)
    faraday (0.8.6)
      multipart-post (~> 1.1)
    multi_json (1.6.1)
    multipart-post (1.2.0)
    rack (1.5.2)
    rake (10.0.3)
    rspec (2.13.0)
      rspec-core (~> 2.13.0)
      rspec-expectations (~> 2.13.0)
      rspec-mocks (~> 2.13.0)
    rspec-core (2.13.0)
    rspec-expectations (2.13.0)
      diff-lcs (>= 1.1.3, < 2.0)
    rspec-mocks (2.13.0)
    simplecov (0.7.1)
      multi_json (~> 1.0)
      simplecov-html (~> 0.7.1)
    simplecov-html (0.7.1)

PLATFORMS
  ruby

DEPENDENCIES
  faraday
  rack
  rake
  rspec
  simplecov
